GEM
  remote: http://rubygems.org/
  specs:
    hoe (2.12.5)
      rake (~> 0.8)
    rake (0.9.2.2)

PLATFORMS
  ruby

DEPENDENCIES
  hoe (~> 2.12.0)
  rake (~> 0.9.0)
