GEM
  remote: http://rubygems.org/
  specs:
    erubis (2.7.0)
    hoe (2.12.5)
      rake (~> 0.8)
    mini_magick (3.4)
      subexec (~> 0.2.1)
    rake (0.9.3)
    subexec (0.2.1)

PLATFORMS
  ruby

DEPENDENCIES
  erubis (~> 2.7.0)
  hoe (~> 2.12.0)
  mini_magick (~> 3.4)
  rake (~> 0.9.0)
